GEM
  remote: https://rubygems.org/
  specs:
    backports (3.3.3)
    bson (1.9.2)
    bson_ext (1.9.2)
      bson (~> 1.9.2)
    mini_portile (0.5.1)
    mongo (1.9.2)
      bson (~> 1.9.2)
    mongodb (2.1.0)
      mongo (~> 1.5)
    multi_json (1.7.9)
    nokogiri (1.6.0)
      mini_portile (~> 0.5.0)
    rack (1.5.2)
    rack-protection (1.5.0)
      rack
    rack-session-file (0.5.0)
      rack (>= 1.1.0)
    rack-test (0.6.2)
      rack (>= 1.0)
    sinatra (1.4.3)
      rack (~> 1.4)
      rack-protection (~> 1.4)
      tilt (~> 1.3, >= 1.3.4)
    sinatra-contrib (1.4.1)
      backports (>= 2.0)
      multi_json
      rack-protection
      rack-test
      sinatra (~> 1.4.0)
      tilt (~> 1.3)
    tilt (1.4.1)

PLATFORMS
  ruby

DEPENDENCIES
  bson_ext
  mongodb
  nokogiri
  rack-session-file
  sinatra
  sinatra-contrib
