GEM
  remote: https://rubygems.org/
  specs:
    bson (1.9.2)
    mini_portile (0.5.1)
    mongo (1.9.2)
      bson (~> 1.9.2)
    mongodb (2.1.0)
      mongo (~> 1.5)
    nokogiri (1.6.0)
      mini_portile (~> 0.5.0)
    rack (1.5.2)
    rack-protection (1.5.0)
      rack
    sinatra (1.4.3)
      rack (~> 1.4)
      rack-protection (~> 1.4)
      tilt (~> 1.3, >= 1.3.4)
    tilt (1.4.1)

PLATFORMS
  ruby

DEPENDENCIES
  mongodb
  nokogiri
  sinatra
